GIT
  remote: https://github.com/jcs/ruby-pledge
  revision: 5c8a0f3e134e21863b63de5dc1ce2eaf8ea952bc
  branch: master
  specs:
    pledge (1.2.0)

GEM
  remote: https://rubygems.org/
  specs:
    activemodel (5.2.8.1)
      activesupport (= 5.2.8.1)
    activerecord (5.2.8.1)
      activemodel (= 5.2.8.1)
      activesupport (= 5.2.8.1)
      arel (>= 9.0)
    activesupport (5.2.8.1)
      concurrent-ruby (~> 1.0, >= 1.0.2)
      i18n (>= 0.7, < 2)
      minitest (~> 5.1)
      tzinfo (~> 1.1)
    arel (9.0.0)
    bcrypt (3.1.18)
    concurrent-ruby (1.1.10)
    crass (1.0.6)
    erubis (2.7.0)
    ffi (1.15.5)
    gd2-ffij (0.4.0)
      ffi (>= 1.0.0)
    i18n (1.12.0)
      concurrent-ruby (~> 1.0)
    io-console (0.5.11)
    irb (1.6.0)
      reline (>= 0.3.0)
    json (2.6.3)
    kgio (2.11.4)
    mail (2.7.1)
      mini_mime (>= 0.1.1)
    mini_mime (1.1.2)
    mini_portile2 (2.8.0)
    minitest (5.16.3)
    multi_json (1.15.0)
    mustermann (2.0.2)
      ruby2_keywords (~> 0.0.1)
    nokogiri (1.13.10)
      mini_portile2 (~> 2.8.0)
      racc (~> 1.4)
    pony (1.13.1)
      mail (>= 2.0)
    racc (1.6.1)
    rack (2.2.4)
    rack-protection (2.2.3)
      rack
    rack-test (2.0.2)
      rack (>= 1.3)
    rack_csrf (2.7.0)
      rack (>= 1.1.0)
    raindrops (0.20.0)
    rake (13.0.6)
    reline (0.3.1)
      io-console (~> 0.5)
    ruby2_keywords (0.0.5)
    sanitize (6.0.0)
      crass (~> 1.0.2)
      nokogiri (>= 1.12.0)
    shotgun (0.9.2)
      rack (>= 1.0)
    sinatra (2.2.3)
      mustermann (~> 2.0)
      rack (~> 2.2)
      rack-protection (= 2.2.3)
      tilt (~> 2.0)
    sinatra-activerecord (2.0.26)
      activerecord (>= 4.1)
      sinatra (>= 1.0)
    sinatra-contrib (2.2.3)
      multi_json
      mustermann (~> 2.0)
      rack-protection (= 2.2.3)
      sinatra (= 2.2.3)
      tilt (~> 2.0)
    sqlite3 (1.5.4)
      mini_portile2 (~> 2.8.0)
    thread_safe (0.3.6)
    tilt (2.0.11)
    tzinfo (1.2.10)
      thread_safe (~> 0.1)
    unicorn (6.1.0)
      kgio (~> 2.6)
      raindrops (~> 0.7)

PLATFORMS
  ruby

DEPENDENCIES
  activerecord (~> 5.2)
  bcrypt
  erubis
  gd2-ffij
  irb
  json
  mail (~> 2.7.1)
  minitest
  pledge!
  pony
  rack
  rack-test
  rack_csrf
  rake
  sanitize
  shotgun
  sinatra (< 3.0)
  sinatra-activerecord
  sinatra-contrib (< 3.0)
  sqlite3
  unicorn

RUBY VERSION
   ruby 2.7.6p219

BUNDLED WITH
   2.1.4
